GEM
  remote: http://rubygems.org/
  specs:
    highline (1.6.15)
    mime-types (1.19)
    rest-client (1.6.7)
      mime-types (>= 1.16)
    thor (0.16.0)

PLATFORMS
  ruby

DEPENDENCIES
  highline (~> 1.6.15)
  rest-client (~> 1.6.7)
  thor (~> 0.16.0)
